GEM
  remote: http://rubygems.org/
  specs:
    bson (1.5.2)
    bson_ext (1.5.2)
      bson (= 1.5.2)
    builder (3.0.0)
    cucumber (1.1.4)
      builder (>= 2.1.2)
      diff-lcs (>= 1.1.2)
      gherkin (~> 2.7.1)
      json (>= 1.4.6)
      term-ansicolor (>= 1.0.6)
    diff-lcs (1.1.3)
    gherkin (2.7.3)
      json (>= 1.4.6)
    hashie (1.2.0)
    json (1.6.4)
    mongo (1.5.2)
      bson (= 1.5.2)
    rake (0.9.2.2)
    term-ansicolor (1.0.7)

PLATFORMS
  ruby

DEPENDENCIES
  bson_ext
  cucumber
  hashie
  mongo
  rake
